GEM
  remote: https://rubygems.org/
  specs:
    builder (3.2.2)
    digital_ocean (1.0.1)
      faraday (~> 0.8.7)
      faraday_middleware (~> 0.9.0)
      json
      rash
    excon (0.31.0)
    faraday (0.8.9)
      multipart-post (~> 1.2.0)
    faraday_middleware (0.9.0)
      faraday (>= 0.7.4, < 0.9)
    fog (1.20.0)
      builder
      excon (~> 0.31.0)
      formatador (~> 0.2.0)
      mime-types
      multi_json (~> 1.0)
      net-scp (~> 1.1)
      net-ssh (>= 2.1.3)
      nokogiri (>= 1.5.11)
    formatador (0.2.4)
    hashie (2.0.5)
    json (1.8.1)
    kitchen-digitalocean (0.5.2)
      fog
      test-kitchen (~> 1.0)
    middleware (0.1.0)
    mime-types (2.1)
    mini_portile (0.5.2)
    mixlib-shellout (1.3.0)
    multi_json (1.8.4)
    multipart-post (1.2.0)
    net-scp (1.1.2)
      net-ssh (>= 2.6.5)
    net-ssh (2.8.0)
    nokogiri (1.6.1)
      mini_portile (~> 0.5.0)
    rash (0.4.0)
      hashie (~> 2.0.0)
    safe_yaml (1.0.1)
    test-kitchen (1.2.1)
      mixlib-shellout (~> 1.2)
      net-scp (~> 1.1)
      net-ssh (~> 2.7)
      safe_yaml (~> 1.0)
      thor (~> 0.18)
    thor (0.18.1)
    tugboat (0.2.0)
      digital_ocean (~> 1.0.1)
      middleware (~> 0.1.0)
      thor (~> 0.18.1)

PLATFORMS
  ruby

DEPENDENCIES
  kitchen-digitalocean
  test-kitchen
  tugboat
